GEM
  remote: https://rubygems.org/
  specs:
    activesupport (7.1.3.3)
      base64
      bigdecimal
      concurrent-ruby (~> 1.0, >= 1.0.2)
      connection_pool (>= 2.2.5)
      drb
      i18n (>= 1.6, < 2)
      minitest (>= 5.1)
      mutex_m
      tzinfo (~> 2.0)
    addressable (2.8.6)
      public_suffix (>= 2.0.2, < 6.0)
    base64 (0.2.0)
    bigdecimal (3.1.8)
    capybara (3.40.0)
      addressable
      matrix
      mini_mime (>= 0.1.3)
      nokogiri (~> 1.11)
      rack (>= 1.6.0)
      rack-test (>= 0.6.3)
      regexp_parser (>= 1.5, < 3.0)
      xpath (~> 3.2)
    concurrent-ruby (1.2.3)
    connection_pool (2.4.1)
    diff-lcs (1.5.1)
    docile (1.4.0)
    drb (2.2.1)
    i18n (1.14.5)
      concurrent-ruby (~> 1.0)
    matrix (0.4.2)
    mini_mime (1.1.5)
    minitest (5.23.1)
    mutex_m (0.2.0)
    nokogiri (1.16.5-x86_64-darwin)
      racc (~> 1.4)
    parallel (1.24.0)
    parallel_tests (4.7.1)
      parallel
    public_suffix (5.0.5)
    racc (1.8.0)
    rack (3.0.11)
    rack-test (2.1.0)
      rack (>= 1.3)
    rb-readline (0.5.5)
    regexp_parser (2.9.2)
    rexml (3.2.8)
      strscan (>= 3.0.9)
    rouge (1.11.1)
    rspec (3.13.0)
      rspec-core (~> 3.13.0)
      rspec-expectations (~> 3.13.0)
      rspec-mocks (~> 3.13.0)
    rspec-core (3.13.0)
      rspec-support (~> 3.13.0)
    rspec-expectations (3.13.0)
      diff-lcs (>= 1.2.0, < 2.0)
      rspec-support (~> 3.13.0)
    rspec-mocks (3.13.1)
      diff-lcs (>= 1.2.0, < 2.0)
      rspec-support (~> 3.13.0)
    rspec-retry (0.6.2)
      rspec-core (> 3.3)
    rspec-support (3.13.1)
    rspec_html_reporter (1.0.3)
      activesupport
      rouge (~> 1.6)
      rspec
    rubyzip (2.3.2)
    selenium-webdriver (4.10.0)
      rexml (~> 3.2, >= 3.2.5)
      rubyzip (>= 1.2.2, < 3.0)
      websocket (~> 1.0)
    simplecov (0.22.0)
      docile (~> 1.1)
      simplecov-html (~> 0.11)
      simplecov_json_formatter (~> 0.1)
    simplecov-html (0.12.3)
    simplecov_json_formatter (0.1.4)
    strscan (3.1.0)
    tzinfo (2.0.6)
      concurrent-ruby (~> 1.0)
    websocket (1.2.10)
    xpath (3.2.0)
      nokogiri (~> 1.8)
    yaml (0.3.0)

PLATFORMS
  x86_64-darwin-21

DEPENDENCIES
  capybara
  parallel_tests
  rb-readline
  rspec
  rspec-retry (~> 0.6.2)
  rspec_html_reporter
  selenium-webdriver (~> 4.10.0)
  simplecov
  yaml (~> 0.3.0)

BUNDLED WITH
   2.3.4
